GEM
  remote: http://rubygems.org/
  specs:
    activesupport (3.2.8)
      i18n (~> 0.6)
      multi_json (~> 1.0)
    httparty (0.8.3)
      multi_json (~> 1.0)
      multi_xml
    i18n (0.6.1)
    json (1.7.5)
    multi_json (1.3.6)
    multi_xml (0.5.1)
    thor (0.16.0)

PLATFORMS
  ruby

DEPENDENCIES
  activesupport
  httparty
  json
  thor
